PATH
  remote: mecab_services_pb
  specs:
    mecab_services_pb (1.0.0)

GEM
  remote: https://rubygems.org/
  specs:
    ast (2.4.1)
    google-protobuf (3.12.2)
    googleapis-common-protos-types (1.0.5)
      google-protobuf (~> 3.11)
    grpc (1.28.0)
      google-protobuf (~> 3.11)
      googleapis-common-protos-types (~> 1.0)
    parallel (1.19.2)
    parser (2.7.1.4)
      ast (~> 2.4.1)
    pluginator (1.5.0)
    pre-commit (0.39.0)
      pluginator (~> 1.5)
    rainbow (3.0.0)
    regexp_parser (1.7.1)
    rexml (3.2.4)
    rubocop (0.86.0)
      parallel (~> 1.10)
      parser (>= 2.7.0.1)
      rainbow (>= 2.2.2, < 4.0)
      regexp_parser (>= 1.7)
      rexml
      rubocop-ast (>= 0.0.3, < 1.0)
      ruby-progressbar (~> 1.7)
      unicode-display_width (>= 1.4.0, < 2.0)
    rubocop-ast (0.1.0)
      parser (>= 2.7.0.1)
    ruby-progressbar (1.10.1)
    unicode-display_width (1.7.0)

PLATFORMS
  ruby

DEPENDENCIES
  grpc
  mecab_services_pb!
  pre-commit
  rubocop

BUNDLED WITH
   2.1.4
